GIT
  remote: git://github.com/CloudCannon/jekyll-theme-cloudcannon.git
  revision: 132c0003e1155bafdc2b08faab5b403a916e906c
  branch: master
  specs:
    jekyll-theme-cloudcannon (0.1.0)
      jekyll (~> 3.6)
      jekyll-data (~> 1.0)
      jekyll-feed (= 0.9.2)
      jekyll-include-cache (= 0.1.0)
      jekyll-seo-tag (= 2.3.0)
      jekyll-sitemap (= 1.1.1)

GEM
  remote: https://rubygems.org/
  specs:
    addressable (2.6.0)
      public_suffix (>= 2.0.2, < 4.0)
    autoprefixer-rails (6.3.7)
      execjs
    colorator (1.1.0)
    execjs (2.7.0)
    ffi (1.10.0)
    forwardable-extended (2.6.0)
    jekyll (3.6.2)
      addressable (~> 2.4)
      colorator (~> 1.0)
      jekyll-sass-converter (~> 1.0)
      jekyll-watch (~> 1.1)
      kramdown (~> 1.14)
      liquid (~> 4.0)
      mercenary (~> 0.3.3)
      pathutil (~> 0.9)
      rouge (>= 1.7, < 3)
      safe_yaml (~> 1.0)
    jekyll-autoprefixer (1.0.1)
      autoprefixer-rails (~> 6.3.6)
    jekyll-data (1.0.0)
      jekyll (~> 3.3)
    jekyll-feed (0.9.2)
      jekyll (~> 3.3)
    jekyll-include-cache (0.1.0)
      jekyll (~> 3.3)
    jekyll-sass-converter (1.5.2)
      sass (~> 3.4)
    jekyll-seo-tag (2.3.0)
      jekyll (~> 3.3)
    jekyll-sitemap (1.1.1)
      jekyll (~> 3.3)
    jekyll-watch (1.5.1)
      listen (~> 3.0)
    kramdown (1.17.0)
    liquid (4.0.1)
    listen (3.1.5)
      rb-fsevent (~> 0.9, >= 0.9.4)
      rb-inotify (~> 0.9, >= 0.9.7)
      ruby_dep (~> 1.2)
    mercenary (0.3.6)
    pathutil (0.16.2)
      forwardable-extended (~> 2.6)
    public_suffix (3.0.3)
    rb-fsevent (0.10.3)
    rb-inotify (0.10.0)
      ffi (~> 1.0)
    rouge (2.2.1)
    ruby_dep (1.5.0)
    safe_yaml (1.0.5)
    sass (3.7.3)
      sass-listen (~> 4.0.0)
    sass-listen (4.0.0)
      rb-fsevent (~> 0.9, >= 0.9.4)
      rb-inotify (~> 0.9, >= 0.9.7)

PLATFORMS
  ruby

DEPENDENCIES
  jekyll (= 3.6.2)
  jekyll-autoprefixer
  jekyll-theme-cloudcannon!

BUNDLED WITH
   2.0.1
